GEM
  remote: http://rubygems.org/
  specs:
    POpen4 (0.1.4)
      Platform (>= 0.4.0)
      open4
    Platform (0.4.0)
    activesupport (3.0.6)
    chunky_png (1.1.0)
    closure-compiler (1.1.1)
    coffee-script (2.1.3)
      coffee-script-source
    coffee-script-source (1.0.1)
    compass (0.11.beta.6)
      chunky_png (~> 1.1.0)
      sass (>= 3.1.0.alpha.249)
    compass-slickmap (0.4.0)
      compass (>= 0.10)
      haml (>= 3.0)
    daemons (1.1.2)
    eventmachine (0.12.10)
    haml (3.1.0.alpha.147)
    html5-boilerplate (0.3.3)
      compass (>= 0.10.0)
    http_router (0.5.4)
      rack (>= 1.0.0)
      url_mount (~> 0.2.1)
    httpclient (2.2.0)
    i18n (0.5.0)
    jammit (0.6.0)
      closure-compiler (>= 0.1.0)
      yui-compressor (>= 0.9.1)
    json (1.5.1)
    less (1.2.21)
      mutter (>= 0.4.2)
      treetop (>= 1.4.2)
    middleman (1.1.1.a)
      chunky_png (~> 1.1.0)
      coffee-script (~> 2.1.0)
      compass (= 0.11.beta.6)
      compass-slickmap (~> 0.4.0)
      haml (= 3.1.0.alpha.147)
      json
      less (~> 1.2.0)
      oily_png (~> 1.0)
      padrino-core (~> 0.9.23)
      padrino-helpers (~> 0.9.23)
      rack (~> 1.0)
      rack-test (~> 0.5.0)
      sass (= 3.1.0.alpha.249)
      shotgun (~> 0.8.0)
      sinatra (~> 1.2.0)
      smusher (~> 0.4.5)
      thin (~> 1.2.0)
      thor (~> 0.14.0)
      tilt (~> 1.2.0)
      yui-compressor (~> 0.9.0)
    mutter (0.5.3)
    oily_png (1.0.0)
      chunky_png (~> 1.0)
    open4 (1.0.1)
    padrino-core (0.9.23)
      activesupport (>= 3.0.0)
      http_router (~> 0.5.4)
      sinatra (~> 1.2.0)
      thor (>= 0.14.3)
      tzinfo
    padrino-helpers (0.9.23)
      i18n (>= 0.4.1)
      padrino-core (= 0.9.23)
    polyglot (0.3.1)
    rack (1.2.2)
    rack-test (0.5.7)
      rack (>= 1.0)
    rake (0.8.7)
    rdiscount (1.6.8)
    sass (3.1.0.alpha.249)
    shotgun (0.8)
      rack (>= 1.0)
    sinatra (1.2.3)
      rack (~> 1.1)
      tilt (>= 1.2.2, < 2.0)
    smusher (0.4.7)
      httpclient
      json
      rake
    thin (1.2.11)
      daemons (>= 1.0.9)
      eventmachine (>= 0.12.6)
      rack (>= 1.0.0)
    thor (0.14.6)
    tilt (1.2.2)
    treetop (1.4.9)
      polyglot (>= 0.3.1)
    tzinfo (0.3.26)
    url_mount (0.2.1)
      rack
    yui-compressor (0.9.6)
      POpen4 (>= 0.1.4)

PLATFORMS
  ruby

DEPENDENCIES
  html5-boilerplate (~> 0.3.3)
  jammit (~> 0.6.0)
  middleman (~> 1.1.1.a)
  rdiscount (~> 1.6.8)
